GEM
  remote: https://rubygems.org/
  specs:
    bourbon (4.2.6)
      sass (~> 3.4)
      thor (~> 0.19)
    coffee-script (2.4.1)
      coffee-script-source
      execjs
    coffee-script-source (1.10.0)
    colorator (0.1)
    execjs (2.6.0)
    ffi (1.9.10)
    jekyll (3.1.2)
      colorator (~> 0.1)
      jekyll-sass-converter (~> 1.0)
      jekyll-watch (~> 1.1)
      kramdown (~> 1.3)
      liquid (~> 3.0)
      mercenary (~> 0.3.3)
      rouge (~> 1.7)
      safe_yaml (~> 1.0)
    jekyll-coffeescript (1.0.1)
      coffee-script (~> 2.2)
    jekyll-jsminify (0.2.1)
      uglifier (~> 2.5)
    jekyll-sass-converter (1.4.0)
      sass (~> 3.4)
    jekyll-sitemap (0.10.0)
    jekyll-watch (1.3.1)
      listen (~> 3.0)
    json (1.8.3)
    kramdown (1.10.0)
    liquid (3.0.6)
    listen (3.0.6)
      rb-fsevent (>= 0.9.3)
      rb-inotify (>= 0.9.7)
    mercenary (0.3.5)
    neat (1.7.4)
      bourbon (>= 4.0)
      sass (>= 3.3)
    rack (1.6.4)
    rack-jekyll (0.4.5)
      jekyll (>= 1.3)
      listen (>= 1.3)
      rack (~> 1.5)
    rb-fsevent (0.9.7)
    rb-inotify (0.9.7)
      ffi (>= 0.5.0)
    rouge (1.10.1)
    safe_yaml (1.0.4)
    sass (3.4.21)
    thor (0.19.1)
    uglifier (2.7.2)
      execjs (>= 0.3.0)
      json (>= 1.8.0)

PLATFORMS
  ruby

DEPENDENCIES
  bourbon (= 4.2.6)
  jekyll (= 3.1.2)
  jekyll-coffeescript (= 1.0.1)
  jekyll-jsminify (= 0.2.1)
  jekyll-sitemap (= 0.10.0)
  neat (= 1.7.4)
  rack-jekyll (= 0.4.5)
  sass (= 3.4.21)

BUNDLED WITH
   1.11.2
