GEM
  remote: https://rubygems.org/
  specs:
    bourbon (4.2.6)
      sass (~> 3.4)
      thor (~> 0.19)
    colorator (0.1)
    ffi (1.10.0)
    jekyll (3.1.2)
      colorator (~> 0.1)
      jekyll-sass-converter (~> 1.0)
      jekyll-watch (~> 1.1)
      kramdown (~> 1.3)
      liquid (~> 3.0)
      mercenary (~> 0.3.3)
      rouge (~> 1.7)
      safe_yaml (~> 1.0)
    jekyll-sass-converter (1.5.2)
      sass (~> 3.4)
    jekyll-sitemap (0.10.0)
    jekyll-srcset-tag (0.2.0)
      jekyll (>= 2.0.0)
      mini_magick (~> 4.3)
      nokogiri (~> 1.6)
    jekyll-watch (1.5.1)
      listen (~> 3.0)
    kramdown (1.17.0)
    liquid (3.0.6)
    listen (3.1.5)
      rb-fsevent (~> 0.9, >= 0.9.4)
      rb-inotify (~> 0.9, >= 0.9.7)
      ruby_dep (~> 1.2)
    mercenary (0.3.6)
    mini_magick (4.9.3)
    mini_portile2 (2.4.0)
    neat (1.7.4)
      bourbon (>= 4.0)
      sass (>= 3.3)
    nokogiri (1.10.3)
      mini_portile2 (~> 2.4.0)
    rack (1.6.11)
    rack-jekyll (0.4.5)
      jekyll (>= 1.3)
      listen (>= 1.3)
      rack (~> 1.5)
    rb-fsevent (0.10.3)
    rb-inotify (0.10.0)
      ffi (~> 1.0)
    rouge (1.11.1)
    ruby_dep (1.5.0)
    safe_yaml (1.0.5)
    sass (3.4.21)
    thor (0.20.3)

PLATFORMS
  ruby

DEPENDENCIES
  bourbon (= 4.2.6)
  jekyll (= 3.1.2)
  jekyll-sitemap (= 0.10.0)
  jekyll-srcset-tag (~> 0.1)
  neat (= 1.7.4)
  rack-jekyll (= 0.4.5)
  sass (= 3.4.21)

RUBY VERSION
   ruby 2.5.1p57

BUNDLED WITH
   2.0.1
